PATH
  remote: .
  specs:
    slave_pools (0.1.0)
      activerecord (= 3.0.12)

GEM
  remote: http://rubygems.org/
  specs:
    activemodel (3.0.12)
      activesupport (= 3.0.12)
      builder (~> 2.1.2)
      i18n (~> 0.5.0)
    activerecord (3.0.12)
      activemodel (= 3.0.12)
      activesupport (= 3.0.12)
      arel (~> 2.0.10)
      tzinfo (~> 0.3.23)
    activesupport (3.0.12)
    arel (2.0.10)
    builder (2.1.2)
    i18n (0.5.0)
    mysql2 (0.2.18)
    tzinfo (0.3.31)

PLATFORMS
  ruby

DEPENDENCIES
  activerecord (= 3.0.12)
  mysql2 (~> 0.2.18)
  slave_pools!
