PATH
  remote: .
  specs:
    multi_db (0.3.0)
      activerecord (= 3.0.10)
      tlattr_accessors (>= 0.0.3)

GEM
  remote: http://rubygems.org/
  specs:
    activemodel (3.0.10)
      activesupport (= 3.0.10)
      builder (~> 2.1.2)
      i18n (~> 0.5.0)
    activerecord (3.0.10)
      activemodel (= 3.0.10)
      activesupport (= 3.0.10)
      arel (~> 2.0.10)
      tzinfo (~> 0.3.23)
    activesupport (3.0.10)
    arel (2.0.10)
    builder (2.1.2)
    i18n (0.5.0)
    mysql2 (0.2.18)
    tlattr_accessors (0.0.3)
    tzinfo (0.3.31)

PLATFORMS
  ruby

DEPENDENCIES
  multi_db!
  mysql2 (~> 0.2.11)
